GEM
  remote: https://rubygems.org/
  specs:
    egison (1.0.0)
    matsuya (0.4.0)
      egison (~> 1.0)
    saize (0.0.1)
      egison (~> 1.0)

PLATFORMS
  ruby
  x86_64-linux

DEPENDENCIES
  matsuya (= 0.4.0)
  saize

RUBY VERSION
   ruby 2.7.5p203

BUNDLED WITH
   2.3.7
