GEM
  remote: https://rubygems.org/
  specs:
    matsuya (1.0.0)

PLATFORMS
  x86_64-linux

DEPENDENCIES
  matsuya

RUBY VERSION
   ruby 3.1.1p18

BUNDLED WITH
   2.3.7
